GEM
  remote: http://rubygems.org/
  specs:
    ZenTest (4.6.0)
    arrayfields (4.7.4)
    chronic (0.6.4)
    diff-lcs (1.1.2)
    fattr (2.2.0)
    git (1.2.5)
    gli (1.3.3)
    httparty (0.8.0)
      multi_json
      multi_xml
    jeweler (1.6.4)
      bundler (~> 1.0)
      git (>= 1.2.5)
      rake
    main (4.7.6)
      arrayfields (~> 4.7.4)
      chronic (~> 0.6.2)
      fattr (~> 2.2.0)
      map (~> 4.3.0)
    map (4.3.0)
    moocow (1.1.0)
      gli (>= 0.1.5)
      httparty (>= 0.3.1)
    multi_json (1.0.3)
    multi_xml (0.4.1)
    rake (0.8.7)
    rspec (2.6.0)
      rspec-core (~> 2.6.0)
      rspec-expectations (~> 2.6.0)
      rspec-mocks (~> 2.6.0)
    rspec-core (2.6.4)
    rspec-expectations (2.6.0)
      diff-lcs (~> 1.1.2)
    rspec-mocks (2.6.0)

PLATFORMS
  ruby

DEPENDENCIES
  ZenTest (~> 4.6.0)
  bundler (~> 1.0.0)
  jeweler (~> 1.6.4)
  main (~> 4.7.6)
  moocow (~> 1.1.0)
  rspec (~> 2.6.0)
