GEM
  remote: http://rubygems.org/
  specs:
    ZenTest (4.6.2)
    arrayfields (4.7.4)
    chronic (0.6.4)
    diff-lcs (1.1.3)
    fattr (2.2.0)
    git (1.2.5)
    gli (1.3.3)
    httparty (0.8.0)
      multi_json
      multi_xml
    jeweler (1.6.4)
      bundler (~> 1.0)
      git (>= 1.2.5)
      rake
    main (4.7.7)
      arrayfields (~> 4.7.4)
      chronic (~> 0.6.2)
      fattr (~> 2.2.0)
      map (~> 4.3.0)
    map (4.3.0)
    moocow (1.1.0)
      gli (>= 0.1.5)
      httparty (>= 0.3.1)
    multi_json (1.0.3)
    multi_xml (0.4.1)
    paint (0.8.3)
    rake (0.9.2)
    rspec (2.6.0)
      rspec-core (~> 2.6.0)
      rspec-expectations (~> 2.6.0)
      rspec-mocks (~> 2.6.0)
    rspec-core (2.6.4)
    rspec-expectations (2.6.0)
      diff-lcs (~> 1.1.2)
    rspec-mocks (2.6.0)

PLATFORMS
  ruby

DEPENDENCIES
  ZenTest
  bundler
  jeweler
  main (~> 4.7.7)
  moocow (~> 1.1.0)
  paint (~> 0.8.3)
  rspec
